NUGET
  remote: https://www.nuget.org/api/v2
  specs:
    FsCheck (2.6)
      FSharp.Core (>= 3.1.2.5)
    FSharp.Core (3.1.2.5)
    Fuchu (1.0.3)
      FSharp.Core (>= 3.1.2.1)
    Fuchu.FsCheck (1.0.3)
      FsCheck (>= 2.2.4)
      FSharp.Core (>= 3.1.2.5)
      Fuchu (>= 1.0.3)
    NodaTime (1.3.2)
    NuGet.CommandLine (3.4.3)
    Suave (1.1.3)
      FSharp.Core (>= 3.1.2.5)
    Suave.Testing (1.1.3)
      FSharp.Core (>= 3.1.2.5)
      Fuchu (>= 1.0.2)
      Suave (>= 1.1.3)
GITHUB
  remote: haf/YoLo
  specs:
    YoLo.fs (f122eebb2ab82e06ac31ce51f3b4632fb26fd130)
  remote: logary/logary
  specs:
    src/Logary.Facade/Facade.fs (50abd2450d629491120418718dbd6f74408872a7)