FRAMEWORK: NET461
NUGET
  remote: https://www.nuget.org/api/v2
    Argu (3.3)
    Expecto (1.1.2)
      Argu (>= 3.2)
      FSharp.Core (>= 3.1.2.5)
    Expecto.FsCheck (1.1.2)
      Expecto (>= 1.1.2)
      FsCheck (>= 2.6.2)
      FSharp.Core (>= 3.1.2.5)
    FsCheck (2.6.2)
      FSharp.Core (>= 3.1.2.5)
    FSharp.Core (4.0.0.1)
    NodaTime (1.3.2)
    NuGet.CommandLine (3.4.3)
    Suave (2.0.0-rc1)
      FSharp.Core (>= 4.0.0.1)
    Suave.Testing (2.0.0-rc1)
      Expecto (>= 1.1.2)
      FSharp.Core (>= 4.0.0.1)
      Suave (>= 2.0.0-rc1)
GITHUB
  remote: haf/YoLo
    YoLo.fs (11023b9fcd2c1d28a7a0c0de5609647e3e1b03ce)
  remote: logary/logary
    src/Logary.Facade/Facade.fs (8a5f623a707b7c1958df4b07ebbd3cc67e9bfc7e)