RESTRICTION: == net461
NUGET
  remote: https://www.nuget.org/api/v2
    Argu (3.7)
    Expecto (4.0.3)
      Argu (>= 3.2)
      FSharp.Core (>= 3.1.2.5)
      Mono.Cecil (>= 0.9.6.4)
    Expecto.FsCheck (4.0.3)
      Expecto (>= 4.0.3)
      FsCheck (>= 2.7.1)
      FSharp.Core (>= 3.1.2.5)
    FsCheck (2.7.2)
      FSharp.Core (>= 3.1.2.5)
    FSharp.Core (4.0.0.1)
    Mono.Cecil (0.9.6.4)
    NodaTime (1.3.3)
    NuGet.CommandLine (3.5)
    Suave (2.2.1)
      FSharp.Core (>= 4.0.0.1)
    Suave.Testing (2.2.1)
      Expecto (>= 4.0.3)
      FSharp.Core (>= 4.0.0.1)
      Suave (>= 2.2.1)
GITHUB
  remote: haf/YoLo
    YoLo.fs (2ae49ac885e2f42812edbaa2dbc8d0e872653cab)
  remote: logary/logary
    src/Logary.Facade/Facade.fs (2ae946d28a11fb5ed3bc9e4066c1ff8a6d40fc94)