RESTRICTION: == net461
NUGET
  remote: https://www.nuget.org/api/v2
    Argu (3.7)
    Expecto (5.0.1)
      Argu (>= 3.7)
      FSharp.Core (>= 4.1.12)
      Mono.Cecil (>= 0.10.0-beta5)
    Expecto.FsCheck (5.0.1)
      Expecto (>= 5.0.1)
      FsCheck (>= 2.8)
      FSharp.Core (>= 4.1.12)
    FsCheck (2.10)
      FSharp.Core (>= 4.1)
    FSharp.Core (4.2.3)
    Mono.Cecil (0.10.0-beta6)
    NodaTime (1.4)
    NuGet.CommandLine (4.3)
    Suave (2.2.1)
      FSharp.Core (>= 4.0.0.1)
    Suave.Testing (2.2.1)
      Expecto (>= 4.0.3)
      FSharp.Core (>= 4.0.0.1)
      Suave (>= 2.2.1)
GITHUB
  remote: haf/YoLo
    YoLo.fs (eb8f7b984c0c9f390d88a4f6dd211e45451c2156)
  remote: logary/logary
    src/Logary.Facade/Facade.fs (d7840b95c22f21bab908cfef5380d4d5fa926de5)