FRAMEWORK: NET461
NUGET
  remote: https://www.nuget.org/api/v2
    Argu (3.7)
    Expecto (4.0.3)
      Argu (>= 3.2)
      FSharp.Core (>= 3.1.2.5)
      Mono.Cecil (>= 0.9.6.4)
    Expecto.FsCheck (4.0.3)
      Expecto (>= 4.0.3)
      FsCheck (>= 2.7.1)
      FSharp.Core (>= 3.1.2.5)
    FsCheck (2.7.2)
      FSharp.Core (>= 3.1.2.5)
    FSharp.Core (4.0.0.1)
    Mono.Cecil (0.9.6.4)
    NodaTime (1.3.3)
    NuGet.CommandLine (3.5)
    Suave (2.0.4)
      FSharp.Core (>= 4.0.0.1)
    Suave.Testing (2.0.4)
      Expecto (>= 4.0.3)
      FSharp.Core (>= 4.0.0.1)
      Suave (>= 2.0.4)
GITHUB
  remote: haf/YoLo
    YoLo.fs (76e16a4c9338c2f04cb067add0e3a33b42a0f396)
  remote: logary/logary
    src/Logary.Facade/Facade.fs (0fbb7829b9d4b62f9ffd10d7a4b20d075c6cccc6)